GEM
  remote: https://rubygems.org/
  specs:
    coderay (1.1.2)
    colorize (0.8.1)
    method_source (0.9.0)
    pry (0.11.3)
      coderay (~> 1.1.0)
      method_source (~> 0.9.0)
    to_words (1.1.1)

PLATFORMS
  ruby

DEPENDENCIES
  colorize
  pry
  to_words

RUBY VERSION
   ruby 2.5.0p0

BUNDLED WITH
   1.16.1
